GEM
  remote: http://rubygems.org/
  specs:
    activemodel (3.2.7)
      activesupport (= 3.2.7)
      builder (~> 3.0.0)
    activesupport (3.2.7)
      i18n (~> 0.6)
      multi_json (~> 1.0)
    addressable (2.2.8)
    af (0.3.18.11)
      addressable (~> 2.2.6)
      interact (~> 0.4.0)
      json_pure (>= 1.5.1, < 1.7.0)
      rb-readline (~> 0.4.2)
      rest-client (>= 1.6.1, < 1.7.0)
      rubyzip (~> 0.9.4)
      terminal-table (~> 1.4.2)
      uuidtools (~> 2.1.0)
    bson (1.6.4)
    bson_ext (1.6.4)
      bson (~> 1.6.4)
    builder (3.0.0)
    cuba (3.1.0)
      rack
    daemons (1.1.9)
    eventmachine (1.0.0)
    eventmachine (1.0.0-x86-mingw32)
    i18n (0.6.0)
    interact (0.4.8)
    json_pure (1.6.7)
    mime-types (1.19)
    mongoid (3.0.2)
      activemodel (~> 3.1)
      moped (~> 1.1.3)
      origin (~> 1.0.3)
      tzinfo (~> 0.3.22)
    moped (1.1.5)
    multi_json (1.3.6)
    origin (1.0.4)
    payson_api (0.3.0)
    rack (1.4.1)
    rack-post-body-to-params (0.1.5)
      activesupport (>= 2.3)
    rack-protection (1.2.0)
      rack
    rb-readline (0.4.2)
    rest-client (1.6.7)
      mime-types (>= 1.16)
    rubyzip (0.9.9)
    terminal-table (1.4.5)
    thin (1.5.0)
      daemons (>= 1.0.9)
      eventmachine (>= 0.12.6)
      rack (>= 1.0.0)
    tzinfo (0.3.33)
    uuidtools (2.1.3)

PLATFORMS
  ruby
  x86-mingw32

DEPENDENCIES
  af
  bson_ext (~> 1.6.4)
  cuba (~> 3.1.0)
  mongoid (~> 3.0.0)
  payson_api (= 0.3.0)
  rack-post-body-to-params (~> 0.1.5)
  rack-protection
  rest-client (~> 1.6.7)
  thin (~> 1.5.0)
