GEM
  remote: http://rubygems.org/
  specs:
    POpen4 (0.1.4)
      Platform (>= 0.4.0)
      open4
    Platform (0.4.0)
    activemodel (3.2.7)
      activesupport (= 3.2.7)
      builder (~> 3.0.0)
    activesupport (3.2.7)
      i18n (~> 0.6)
      multi_json (~> 1.0)
    addressable (2.2.8)
    af (0.3.18.11)
      addressable (~> 2.2.6)
      interact (~> 0.4.0)
      json_pure (>= 1.5.1, < 1.7.0)
      rb-readline (~> 0.4.2)
      rest-client (>= 1.6.1, < 1.7.0)
      rubyzip (~> 0.9.4)
      terminal-table (~> 1.4.2)
      uuidtools (~> 2.1.0)
    bson (1.6.4)
    bson_ext (1.6.4)
      bson (~> 1.6.4)
    builder (3.0.0)
    chunky_png (1.2.8)
    coderay (1.0.9)
    coffee-script (2.2.0)
      coffee-script-source
      execjs
    coffee-script-source (1.6.2)
    compass (0.12.2)
      chunky_png (~> 1.2)
      fssm (>= 0.2.7)
      sass (~> 3.1)
    cuba (3.1.0)
      rack
    daemons (1.1.9)
    em-websocket (0.5.0)
      eventmachine (>= 0.12.9)
      http_parser.rb (~> 0.5.3)
    eventmachine (1.0.0)
    eventmachine (1.0.0-x86-mingw32)
    execjs (1.4.0)
      multi_json (~> 1.0)
    formatador (0.2.4)
    fssm (0.2.10)
    guard (1.7.0)
      formatador (>= 0.2.4)
      listen (>= 0.6.0)
      lumberjack (>= 1.0.2)
      pry (>= 0.9.10)
      thor (>= 0.14.6)
    guard-livereload (1.1.3)
      em-websocket (>= 0.2.0)
      guard (>= 1.5.0)
      multi_json (~> 1.0)
    haml (3.1.7)
    http_parser.rb (0.5.3)
    i18n (0.6.0)
    interact (0.4.8)
    json (1.7.7)
    json_pure (1.6.7)
    listen (0.7.3)
    lumberjack (1.0.3)
    method_source (0.8.1)
    mime-types (1.19)
    mongoid (3.0.2)
      activemodel (~> 3.1)
      moped (~> 1.1.3)
      origin (~> 1.0.3)
      tzinfo (~> 0.3.22)
    moped (1.1.5)
    multi_json (1.3.6)
    open4 (1.3.0)
    origin (1.0.4)
    payson_api (0.3.0)
    pry (0.9.12)
      coderay (~> 1.0.5)
      method_source (~> 0.8)
      slop (~> 3.4)
    rack (1.4.1)
    rack-livereload (0.3.12)
      rack
    rack-post-body-to-params (0.1.5)
      activesupport (>= 2.3)
    rack-protection (1.2.0)
      rack
    rake (0.9.6)
    rake-pipeline (0.7.0)
      json
      rake (~> 0.9.0)
      thor
    rake-pipeline-web-filters (0.7.0)
      rack
      rake-pipeline (~> 0.6)
    rb-readline (0.4.2)
    rdiscount (1.6.8)
    rest-client (1.6.7)
      mime-types (>= 1.16)
    rubyzip (0.9.9)
    sass (3.2.7)
    slop (3.4.4)
    terminal-table (1.4.5)
    thin (1.5.0)
      daemons (>= 1.0.9)
      eventmachine (>= 0.12.6)
      rack (>= 1.0.0)
    thor (0.18.1)
    tilt (1.3.3)
    tzinfo (0.3.33)
    uglifier (1.3.0)
      execjs (>= 0.3.0)
      multi_json (~> 1.0, >= 1.0.2)
    uuidtools (2.1.3)
    yui-compressor (0.9.6)
      POpen4 (>= 0.1.4)

PLATFORMS
  ruby
  x86-mingw32

DEPENDENCIES
  af
  bson_ext
  coffee-script
  compass
  cuba
  guard-livereload
  haml
  mongoid (~> 3.0.0)
  payson_api
  rack-livereload
  rack-post-body-to-params
  rack-protection
  rake-pipeline
  rake-pipeline-web-filters
  rdiscount
  rest-client
  sass
  thin
  tilt
  uglifier
  yui-compressor
