GEM
  remote: http://rubygems.org/
  specs:
    activemodel (3.2.13)
      activesupport (= 3.2.13)
      builder (~> 3.0.0)
    activesupport (3.2.13)
      i18n (= 0.6.1)
      multi_json (~> 1.0)
    addressable (2.2.8)
    af (0.3.18.12)
      addressable (~> 2.2.6)
      interact (~> 0.4.0)
      json_pure (>= 1.5.1, < 1.7.0)
      rb-readline (~> 0.4.2)
      rest-client (>= 1.6.1, < 1.7.0)
      rubyzip (~> 0.9.4)
      terminal-table (~> 1.4.2)
      uuidtools (~> 2.1.0)
    airbrake (3.1.12)
      activesupport
      builder
      json
    bson (1.6.4)
    bson_ext (1.6.4)
      bson (~> 1.6.4)
    builder (3.0.4)
    cuba (3.1.0)
      rack
    daemons (1.1.9)
    eventmachine (1.0.3)
    excon (0.26.0)
    i18n (0.6.1)
    interact (0.4.8)
    json (1.8.0)
    json_pure (1.6.8)
    mandrill-api (1.0.47)
      excon (>= 0.16.0, < 1.0)
      json (>= 1.7.7, < 2.0)
    mime-types (1.23)
    mongoid (3.0.23)
      activemodel (~> 3.1)
      moped (~> 1.2)
      origin (~> 1.0)
      tzinfo (~> 0.3.22)
    moped (1.5.0)
    multi_json (1.7.7)
    origin (1.1.0)
    payson_api (0.4.1)
    rack (1.5.2)
    rack-cors (0.2.8)
      rack
    rack-post-body-to-params (0.1.7)
      activesupport (>= 2.3)
    rack-protection (1.5.0)
      rack
    rack-rewrite (1.2.1)
    rb-readline (0.4.2)
    rest-client (1.6.7)
      mime-types (>= 1.16)
    rubyzip (0.9.9)
    terminal-table (1.4.5)
    thin (1.5.1)
      daemons (>= 1.0.9)
      eventmachine (>= 0.12.6)
      rack (>= 1.0.0)
    tzinfo (0.3.37)
    uuidtools (2.1.4)

PLATFORMS
  ruby

DEPENDENCIES
  af
  airbrake
  bson_ext (~> 1.6.4)
  cuba (~> 3.1.0)
  mandrill-api
  mongoid (~> 3.0.0)
  payson_api (= 0.4.1)
  rack-cors
  rack-post-body-to-params (~> 0.1.5)
  rack-protection
  rack-rewrite (~> 1.2.1)
  rest-client (~> 1.6.7)
  thin (~> 1.5.0)
