GEM
  remote: http://rubygems.org/
  specs:
    POpen4 (0.1.4)
      Platform (>= 0.4.0)
      open4
    Platform (0.4.0)
    activemodel (3.2.13)
      activesupport (= 3.2.13)
      builder (~> 3.0.0)
    activesupport (3.2.13)
      i18n (= 0.6.1)
      multi_json (~> 1.0)
    addressable (2.2.8)
    af (0.3.18.12)
      addressable (~> 2.2.6)
      interact (~> 0.4.0)
      json_pure (>= 1.5.1, < 1.7.0)
      rb-readline (~> 0.4.2)
      rest-client (>= 1.6.1, < 1.7.0)
      rubyzip (~> 0.9.4)
      terminal-table (~> 1.4.2)
      uuidtools (~> 2.1.0)
    airbrake (3.1.12)
      activesupport
      builder
      json
    ansi (1.4.3)
    bson (1.6.4)
    bson_ext (1.6.4)
      bson (~> 1.6.4)
    builder (3.0.4)
    celluloid (0.16.0)
      timers (~> 4.0.0)
    chunky_png (1.3.3)
    coderay (1.1.0)
    compass (0.12.2)
      chunky_png (~> 1.2)
      fssm (>= 0.2.7)
      sass (~> 3.1)
    cuba (3.1.0)
      rack
    daemons (1.1.9)
    em-websocket (0.5.1)
      eventmachine (>= 0.12.9)
      http_parser.rb (~> 0.6.0)
    eventmachine (1.0.3)
    excon (0.26.0)
    execjs (2.2.2)
    ffi (1.9.6)
    formatador (0.2.5)
    fssm (0.2.10)
    guard (2.11.1)
      formatador (>= 0.2.4)
      listen (~> 2.7)
      lumberjack (~> 1.0)
      nenv (~> 0.1)
      notiffany (~> 0.0)
      pry (>= 0.9.12)
      shellany (~> 0.0)
      thor (>= 0.18.1)
    guard-livereload (1.1.3)
      em-websocket (>= 0.2.0)
      guard (>= 1.5.0)
      multi_json (~> 1.0)
    haml (3.1.7)
    hitimes (1.2.2)
    http_parser.rb (0.6.0)
    i18n (0.6.1)
    interact (0.4.8)
    json (1.8.0)
    json_pure (1.6.8)
    listen (2.8.5)
      celluloid (>= 0.15.2)
      rb-fsevent (>= 0.9.3)
      rb-inotify (>= 0.9)
    lumberjack (1.0.9)
    mandrill-api (1.0.47)
      excon (>= 0.16.0, < 1.0)
      json (>= 1.7.7, < 2.0)
    method_source (0.8.2)
    mime-types (1.23)
    minitest (5.5.1)
    minitest-reporters (1.0.8)
      ansi
      builder
      minitest (>= 5.0)
      ruby-progressbar
    mongoid (3.0.23)
      activemodel (~> 3.1)
      moped (~> 1.2)
      origin (~> 1.0)
      tzinfo (~> 0.3.22)
    moped (1.5.0)
    multi_json (1.7.7)
    nenv (0.1.1)
    notiffany (0.0.3)
      nenv (~> 0.1)
      shellany (~> 0.0)
    open4 (1.3.4)
    origin (1.1.0)
    payson_api (0.4.1)
    pry (0.10.1)
      coderay (~> 1.1.0)
      method_source (~> 0.8.1)
      slop (~> 3.4)
    rack (1.5.2)
    rack-cors (0.2.8)
      rack
    rack-livereload (0.3.12)
      rack
    rack-post-body-to-params (0.1.7)
      activesupport (>= 2.3)
    rack-protection (1.5.0)
      rack
    rack-rewrite (1.2.1)
    rake (0.9.6)
    rake-pipeline (0.7.0)
      json
      rake (~> 0.9.0)
      thor
    rake-pipeline-web-filters (0.7.0)
      rack
      rake-pipeline (~> 0.6)
    rb-fsevent (0.9.4)
    rb-inotify (0.9.5)
      ffi (>= 0.5.0)
    rb-readline (0.4.2)
    rdiscount (1.6.8)
    rest-client (1.6.7)
      mime-types (>= 1.16)
    ruby-progressbar (1.7.1)
    rubyzip (0.9.9)
    sass (3.2.7)
    shellany (0.0.1)
    slop (3.6.0)
    terminal-table (1.4.5)
    thin (1.5.1)
      daemons (>= 1.0.9)
      eventmachine (>= 0.12.6)
      rack (>= 1.0.0)
    thor (0.19.1)
    tilt (1.3.3)
    timers (4.0.1)
      hitimes
    tzinfo (0.3.37)
    uglifier (1.3.0)
      execjs (>= 0.3.0)
      multi_json (~> 1.0, >= 1.0.2)
    uuidtools (2.1.4)
    yui-compressor (0.9.6)
      POpen4 (>= 0.1.4)

PLATFORMS
  ruby

DEPENDENCIES
  af
  airbrake
  bson_ext (~> 1.6.4)
  compass (= 0.12.2)
  cuba (~> 3.1.0)
  guard-livereload (= 1.1.3)
  haml (= 3.1.7)
  mandrill-api
  minitest (~> 5.5)
  minitest-reporters
  mongoid (~> 3.0.0)
  payson_api (= 0.4.1)
  rack-cors
  rack-livereload (= 0.3.12)
  rack-post-body-to-params (~> 0.1.5)
  rack-protection
  rack-rewrite (~> 1.2.1)
  rake-pipeline (= 0.7.0)
  rake-pipeline-web-filters (= 0.7.0)
  rdiscount (= 1.6.8)
  rest-client (~> 1.6.7)
  sass (= 3.2.7)
  thin (~> 1.5.0)
  tilt (= 1.3.3)
  uglifier (= 1.3.0)
  yui-compressor (= 0.9.6)
